PATH
  remote: .
  specs:
    RubyPackager (0.0.1)
      allinoneruby
      highline
      net-scp
      net-ssh
      rUtilAnts (>= 1.0)
      rdoc

GEM
  remote: http://rubygems.org/
  specs:
    allinoneruby (0.2.11)
    highline (1.6.16)
    json (1.7.3)
    net-scp (1.1.0)
      net-ssh (>= 2.6.5)
    net-ssh (2.6.6)
    rUtilAnts (1.0.1.20130320)
    rake (10.0.3)
    rdoc (3.12)
      json (~> 1.4)

PLATFORMS
  ruby
  x86-mingw32

DEPENDENCIES
  RubyPackager!
  rake
