PATH
  remote: .
  specs:
    RubyPackager (0.0.1)
      allinoneruby
      highline
      net-scp
      net-ssh
      rUtilAnts (>= 1.0)
      rdoc

GEM
  remote: http://rubygems.org/
  specs:
    allinoneruby (0.2.11)
    highline (1.6.19)
    json (1.8.0)
    net-scp (1.1.2)
      net-ssh (>= 2.6.5)
    net-ssh (2.6.8)
    rUtilAnts (2.0.0.20130827)
    rake (10.1.0)
    rdoc (4.0.1)
      json (~> 1.4)

PLATFORMS
  x86-mingw32

DEPENDENCIES
  RubyPackager!
  rake
